PATH
  remote: .
  specs:
    wobbly (0.0.2)

GEM
  remote: https://rubygems.org/
  specs:
    minitest (5.14.1)
    rake (13.0.1)

PLATFORMS
  ruby

DEPENDENCIES
  minitest (~> 5.7, >= 5.7.0)
  rake (~> 13.0, >= 13.0.1)
  wobbly!

BUNDLED WITH
   2.1.4
